PATH
  remote: .
  specs:
    panoramio-rb (1.0.5)
      geocoder (> 1.0.5)
      hashie (> 1.2.0)
      json (> 1.6.1)
      rest-client (~> 1.6.7)

GEM
  remote: http://rubygems.org/
  specs:
    diff-lcs (1.2.5)
    geocoder (1.3.4)
    hashie (3.4.4)
    json (1.8.3)
    mime-types (1.25.1)
    rake (10.5.0)
    rest-client (1.6.9)
      mime-types (~> 1.16)
    rspec (3.4.0)
      rspec-core (~> 3.4.0)
      rspec-expectations (~> 3.4.0)
      rspec-mocks (~> 3.4.0)
    rspec-core (3.4.4)
      rspec-support (~> 3.4.0)
    rspec-expectations (3.4.0)
      diff-lcs (>= 1.2.0, < 2.0)
      rspec-support (~> 3.4.0)
    rspec-mocks (3.4.1)
      diff-lcs (>= 1.2.0, < 2.0)
      rspec-support (~> 3.4.0)
    rspec-support (3.4.1)

PLATFORMS
  ruby

DEPENDENCIES
  bundler (~> 1.12)
  panoramio-rb!
  rake (~> 10.0)
  rspec (~> 3.0)

BUNDLED WITH
   1.12.4
